GEM
  remote: https://rubygems.org/
  specs:
    cabin (0.8.1)

PLATFORMS
  ruby

DEPENDENCIES
  cabin

BUNDLED WITH
   1.11.2
