GEM
  remote: https://rubygems.org/
  specs:
    activesupport (5.0.0.beta4)
      concurrent-ruby (~> 1.0)
      i18n (~> 0.7)
      minitest (~> 5.1)
      tzinfo (~> 1.1)
    cabin (0.8.1)
    colorize (0.7.7)
    concurrent-ruby (1.0.2)
    i18n (0.7.0)
    minitest (5.8.4)
    parallel (1.8.0)
    thread_safe (0.3.5)
    tzinfo (1.2.2)
      thread_safe (~> 0.1)

PLATFORMS
  ruby

DEPENDENCIES
  activesupport (= 5.0.0.beta4)
  cabin
  colorize
  parallel

BUNDLED WITH
   1.11.2
